GEM
  remote: https://rubygems.org/
  specs:
    activesupport (3.2.12)
      i18n (~> 0.6)
      multi_json (~> 1.0)
    i18n (0.6.5)
    multi_json (1.8.2)
    qtbindings (4.8.3.0)

PLATFORMS
  ruby

DEPENDENCIES
  activesupport (= 3.2.12)
  bundler
  qtbindings
